GEM
  specs:
    minitest (2.9.1)
    rake (0.8.7)
    ruby-graphviz (1.0.3)

PLATFORMS
  ruby

DEPENDENCIES
  minitest
  rake
  ruby-graphviz
